GIT
  remote: https://github.com/libgit2/rugged.git
  revision: ca994bb99f34fd7e2645d383b94e26313baccb37
  submodules: true
  specs:
    rugged (0.27.2)

GIT
  remote: https://github.com/swipely/docker-api
  revision: 5765bf7a6c0414d132f00df9a61a4515e68d0d8e
  specs:
    docker-api (1.34.2)
      excon (>= 0.47.0)
      multi_json

GEM
  remote: http://rubygems.org/
  specs:
    diff-lcs (1.3)
    excon (0.62.0)
    fileutils (1.1.0)
    logger (1.2.8)
    logger-colors (1.0.0)
    multi_json (1.13.1)
    rspec (3.8.0)
      rspec-core (~> 3.8.0)
      rspec-expectations (~> 3.8.0)
      rspec-mocks (~> 3.8.0)
    rspec-core (3.8.0)
      rspec-support (~> 3.8.0)
    rspec-expectations (3.8.2)
      diff-lcs (>= 1.2.0, < 2.0)
      rspec-support (~> 3.8.0)
    rspec-mocks (3.8.0)
      diff-lcs (>= 1.2.0, < 2.0)
      rspec-support (~> 3.8.0)
    rspec-support (3.8.0)

PLATFORMS
  ruby

DEPENDENCIES
  bundler
  docker-api!
  fileutils
  logger
  logger-colors
  rspec
  rugged!

BUNDLED WITH
   1.16.6
